PATH
  remote: .
  specs:
    pseudo-terminal (0.0.1)

GEM
  remote: http://rubygems.org/
  specs:
    crack (0.1.8)
    diff-lcs (1.1.2)
    fakefs (0.3.2)
    growl (1.0.3)
    guard (0.6.2)
      thor (~> 0.14.6)
    guard-bundler (0.1.3)
      bundler (>= 1.0.0)
      guard (>= 0.2.2)
    guard-rspec (0.4.2)
      guard (>= 0.4.0)
    mime-types (1.16)
    parka (0.6.2)
      crack
      rest-client
      thor
    rake (0.9.2)
    rb-fsevent (0.4.3.1)
    rest-client (1.6.3)
      mime-types (>= 1.16)
    rr (1.0.3)
    rspec (2.6.0)
      rspec-core (~> 2.6.0)
      rspec-expectations (~> 2.6.0)
      rspec-mocks (~> 2.6.0)
    rspec-core (2.6.4)
    rspec-expectations (2.6.0)
      diff-lcs (~> 1.1.2)
    rspec-mocks (2.6.0)
    simplecov (0.4.2)
      simplecov-html (~> 0.4.4)
    simplecov-html (0.4.5)
    thor (0.14.6)

PLATFORMS
  ruby

DEPENDENCIES
  fakefs
  growl (~> 1.0.3)
  guard-bundler (~> 0.1.3)
  guard-rspec (~> 0.4.2)
  parka (>= 0.6.2)
  pseudo-terminal!
  rake (>= 0.9.2)
  rb-fsevent (~> 0.4.3)
  rr (~> 1.0.2)
  rspec (>= 2.6.0)
  simplecov (~> 0.4.2)
